GEM
  remote: https://rubygems.org/
  specs:
    diff-lcs (1.4.4)
    mini_portile2 (2.6.1)
    node (2.1.0)
      node_impl (~> 1.0.0)
      node_int (~> 0.1.0)
    node_impl (1.0.0)
      node_int (~> 0.1.0)
    node_int (0.1.3)
    nokogiri (1.12.5)
      mini_portile2 (~> 2.6.1)
      racc (~> 1.4)
    racc (1.6.0)
    rack (2.1.4)
    rspec (3.10.0)
      rspec-core (~> 3.10.0)
      rspec-expectations (~> 3.10.0)
      rspec-mocks (~> 3.10.0)
    rspec-core (3.10.1)
      rspec-support (~> 3.10.0)
    rspec-expectations (3.10.1)
      diff-lcs (>= 1.2.0, < 2.0)
      rspec-support (~> 3.10.0)
    rspec-mocks (3.10.2)
      diff-lcs (>= 1.2.0, < 2.0)
      rspec-support (~> 3.10.0)
    rspec-support (3.10.3)

PLATFORMS
  ruby

DEPENDENCIES
  node
  nokogiri
  rack (~> 2.1.4)
  rspec

BUNDLED WITH
   2.1.4
